GEM
  remote: https://rubygems.org/
  specs:
    aws-sdk (2.9.11)
      aws-sdk-resources (= 2.9.11)
    aws-sdk-core (2.9.11)
      aws-sigv4 (~> 1.0)
      jmespath (~> 1.0)
    aws-sdk-resources (2.9.11)
      aws-sdk-core (= 2.9.11)
    aws-sigv4 (1.0.0)
    jmespath (1.3.1)
    rake (12.0.0)

PLATFORMS
  ruby

DEPENDENCIES
  aws-sdk
  rake

BUNDLED WITH
   1.11.2
